GEM
  remote: https://rubygems.org/
  specs:
    addressable (2.7.0)
      public_suffix (>= 2.0.2, < 5.0)
    client-api (0.4.1)
      json-schema (~> 2.8)
      logger (~> 1.0)
    diff-lcs (1.4.4)
    json (2.6.1)
    json-schema (2.8.1)
      addressable (>= 2.4)
    logger (1.3.0)
    public_suffix (4.0.6)
    rake (13.0.6)
    rspec (3.9.0)
      rspec-core (~> 3.9.0)
      rspec-expectations (~> 3.9.0)
      rspec-mocks (~> 3.9.0)
    rspec-core (3.9.3)
      rspec-support (~> 3.9.3)
    rspec-expectations (3.9.3)
      diff-lcs (>= 1.2.0, < 2.0)
      rspec-support (~> 3.9.0)
    rspec-mocks (3.9.1)
      diff-lcs (>= 1.2.0, < 2.0)
      rspec-support (~> 3.9.0)
    rspec-support (3.9.4)

PLATFORMS
  ruby

DEPENDENCIES
  client-api
  json
  logger
  rake
  rspec

BUNDLED WITH
   2.1.4
